PATH
  remote: .
  specs:
    termvana (0.2.0)
      async-rack
      bundler
      cramp
      em-websocket (>= 0.1.4)
      escape_utils (>= 0.1.8)
      http_router
      json_pure (>= 1.4.3)
      launchy (~> 2.0.5)
      pidly (~> 0.1.3)
      ripl (>= 0.3.0)
      thin

GEM
  remote: http://rubygems.org/
  specs:
    activesupport (3.0.10)
    addressable (2.2.6)
    async-rack (0.5.1)
      rack (~> 1.1)
    bond (0.4.1)
    cramp (0.13)
      activesupport (~> 3.0.9)
      eventmachine (~> 0.12.10)
      rack (~> 1.2.1)
    daemons (1.1.4)
    em-websocket (0.3.1)
      addressable (>= 2.1.1)
      eventmachine (>= 0.12.9)
    escape_utils (0.2.4)
    eventmachine (0.12.10)
    http_router (0.10.2)
      rack (>= 1.0.0)
      url_mount (~> 0.2.1)
    json_pure (1.5.4)
      spruz (~> 0.2.8)
    launchy (2.0.5)
      addressable (~> 2.2.6)
    pidly (0.1.3)
    rack (1.2.3)
    ripl (0.5.1)
      bond (~> 0.4.0)
    spruz (0.2.13)
    thin (1.2.11)
      daemons (>= 1.0.9)
      eventmachine (>= 0.12.6)
      rack (>= 1.0.0)
    url_mount (0.2.1)
      rack

PLATFORMS
  ruby

DEPENDENCIES
  termvana!
