PATH
  remote: .
  specs:
    termvana (0.1.1)
      em-websocket (>= 0.1.4)
      escape_utils (>= 0.1.8)
      json_pure (>= 1.4.3)
      launchy (~> 2.0.5)
      pidly (~> 0.1.3)
      ripl (>= 0.3.0)

GEM
  remote: http://rubygems.org/
  specs:
    addressable (2.2.6)
    bond (0.4.1)
    em-websocket (0.3.1)
      addressable (>= 2.1.1)
      eventmachine (>= 0.12.9)
    escape_utils (0.2.3)
    eventmachine (0.12.10)
    json_pure (1.5.3)
    launchy (2.0.5)
      addressable (~> 2.2.6)
    pidly (0.1.3)
    ripl (0.5.1)
      bond (~> 0.4.0)

PLATFORMS
  ruby

DEPENDENCIES
  termvana!
