GIT
  remote: https://github.com/lifo/cramp.git
  revision: 9a6662cc66e8b15198f174da284bcaf611fd12f0
  specs:
    cramp (0.15.1)
      activesupport (~> 3.0.9)
      eventmachine (~> 1.0.0.beta.3)
      faye-websocket (~> 0.3.0)
      rack (~> 1.3.2)
      thor (~> 0.14.6)

PATH
  remote: .
  specs:
    termvana (0.2.0.beta3)
      activesupport
      async-rack
      bundler
      coffee-script
      cramp
      http_router
      i18n
      sass
      sprockets
      thin
      tilt-jade
      trollop
      virtus

GEM
  remote: http://rubygems.org/
  specs:
    activesupport (3.0.11)
    async-rack (0.5.1)
      rack (~> 1.1)
    builder (3.0.0)
    capybara (1.1.2)
      mime-types (>= 1.16)
      nokogiri (>= 1.3.3)
      rack (>= 1.0.0)
      rack-test (>= 0.5.4)
      selenium-webdriver (~> 2.0)
      xpath (~> 0.1.4)
    childprocess (0.2.3)
      ffi (~> 1.0.6)
    coffee-script (2.2.0)
      coffee-script-source
      execjs
    coffee-script-source (1.1.3)
    cucumber (1.0.4)
      builder (>= 2.1.2)
      diff-lcs (>= 1.1.2)
      gherkin (~> 2.4.18)
      json (>= 1.4.6)
      term-ansicolor (>= 1.0.6)
    daemons (1.1.4)
    diff-lcs (1.1.3)
    eventmachine (1.0.0.beta.4)
    execjs (1.2.9)
      multi_json (~> 1.0)
    faye-websocket (0.3.0)
      eventmachine (>= 0.12.0)
    ffi (1.0.11)
    gherkin (2.4.18)
      json (>= 1.4.6)
    hike (1.2.1)
    http_router (0.10.2)
      rack (>= 1.0.0)
      url_mount (~> 0.2.1)
    i18n (0.6.0)
    jade-js-source (0.17.0)
    json (1.6.0)
    mime-types (1.17.2)
    multi_json (1.0.4)
    nokogiri (1.5.0)
    rack (1.3.5)
    rack-test (0.6.1)
      rack (>= 1.0)
    rspec (2.6.0)
      rspec-core (~> 2.6.0)
      rspec-expectations (~> 2.6.0)
      rspec-mocks (~> 2.6.0)
    rspec-core (2.6.4)
    rspec-expectations (2.6.0)
      diff-lcs (~> 1.1.2)
    rspec-mocks (2.6.0)
    rubyzip (0.9.5)
    sass (3.1.11)
    selenium-webdriver (2.14.0)
      childprocess (>= 0.2.1)
      ffi (~> 1.0.9)
      multi_json (~> 1.0.4)
      rubyzip
    sprockets (2.1.2)
      hike (~> 1.2)
      rack (~> 1.0)
      tilt (~> 1.1, != 1.3.0)
    term-ansicolor (1.0.6)
    thin (1.3.1)
      daemons (>= 1.0.9)
      eventmachine (>= 0.12.6)
      rack (>= 1.0.0)
    thor (0.14.6)
    tilt (1.3.3)
    tilt-jade (0.0.3)
      execjs
      jade-js-source
      sprockets
      tilt
    trollop (1.16.2)
    url_mount (0.2.1)
      rack
    virtus (0.0.10)
    xpath (0.1.4)
      nokogiri (~> 1.3)

PLATFORMS
  ruby

DEPENDENCIES
  capybara (~> 1.1.0)
  cramp!
  cucumber
  rspec
  termvana!
