GIT
  remote: http://github.com/thoughtbot/capybara-webkit.git
  revision: 578e5c758ef840c91531685319cfdfffd7ccedeb
  specs:
    capybara-webkit (0.6.1)
      capybara (~> 1.0.0)

PATH
  remote: .
  specs:
    termvana (0.2.0)
      async-rack
      bundler
      cramp
      http_router
      thin

GEM
  remote: http://rubygems.org/
  specs:
    activesupport (3.0.10)
    async-rack (0.5.1)
      rack (~> 1.1)
    builder (3.0.0)
    capybara (1.0.1)
      mime-types (>= 1.16)
      nokogiri (>= 1.3.3)
      rack (>= 1.0.0)
      rack-test (>= 0.5.4)
      selenium-webdriver (~> 2.0)
      xpath (~> 0.1.4)
    childprocess (0.2.2)
      ffi (~> 1.0.6)
    cramp (0.15.1)
      activesupport (~> 3.0.9)
      eventmachine (~> 1.0.0.beta.3)
      rack (~> 1.3.2)
      thor (~> 0.14.6)
    cucumber (1.0.4)
      builder (>= 2.1.2)
      diff-lcs (>= 1.1.2)
      gherkin (~> 2.4.18)
      json (>= 1.4.6)
      term-ansicolor (>= 1.0.6)
    daemons (1.1.4)
    diff-lcs (1.1.3)
    eventmachine (1.0.0.beta.3)
    ffi (1.0.9)
    gherkin (2.4.18)
      json (>= 1.4.6)
    http_router (0.10.2)
      rack (>= 1.0.0)
      url_mount (~> 0.2.1)
    json (1.6.0)
    json_pure (1.6.0)
    mime-types (1.16)
    nokogiri (1.5.0)
    rack (1.3.2)
    rack-test (0.6.1)
      rack (>= 1.0)
    rspec (2.6.0)
      rspec-core (~> 2.6.0)
      rspec-expectations (~> 2.6.0)
      rspec-mocks (~> 2.6.0)
    rspec-core (2.6.4)
    rspec-expectations (2.6.0)
      diff-lcs (~> 1.1.2)
    rspec-mocks (2.6.0)
    rubyzip (0.9.4)
    selenium-webdriver (2.5.0)
      childprocess (>= 0.2.1)
      ffi (>= 1.0.7)
      json_pure
      rubyzip
    term-ansicolor (1.0.6)
    thin (1.2.11)
      daemons (>= 1.0.9)
      eventmachine (>= 0.12.6)
      rack (>= 1.0.0)
    thor (0.14.6)
    url_mount (0.2.1)
      rack
    xpath (0.1.4)
      nokogiri (~> 1.3)

PLATFORMS
  ruby

DEPENDENCIES
  capybara (~> 1.0.0)
  capybara-webkit!
  cucumber
  rspec
  termvana!
